PATH
  remote: .
  specs:
    hcl (0.4.9)
      chronic
      highline
      trollop

GEM
  remote: https://rubygems.org/
  specs:
    chronic (0.10.2)
    fakeweb (1.3.0)
    highline (1.6.20)
    metaclass (0.0.1)
    minitest (4.7.5)
    mocha (0.14.0)
      metaclass (~> 0.0.1)
    multi_json (1.8.2)
    rake (10.1.0)
    rubinius-coverage (2.0.3)
    rubygems-tasks (0.2.4)
    rubysl-abbrev (2.0.4)
    rubysl-coverage (2.0.3)
    rubysl-rexml (2.0.2)
    rubysl-singleton (2.0.0)
    simplecov (0.7.1)
      multi_json (~> 1.0)
      simplecov-html (~> 0.7.1)
    simplecov-html (0.7.1)
    trollop (2.0)
    yajl-ruby (1.1.0)
    yard (0.8.7.3)

PLATFORMS
  java
  ruby

DEPENDENCIES
  fakeweb
  hcl!
  minitest
  mocha
  rake
  rubinius-coverage
  rubygems-tasks
  rubysl-abbrev
  rubysl-coverage
  rubysl-rexml
  rubysl-singleton
  simplecov
  yajl-ruby
  yard
