PATH
  remote: .
  specs:
    hcl (0.4.12)
      chronic (~> 0.10.2)
      escape_utils (~> 1.0.1)
      faraday (~> 0.9.0)
      highline (~> 1.6.20)
      pry (~> 0.9.12)
      trollop (~> 2.0)
      yajl-ruby (~> 1.1.0)

GEM
  remote: https://rubygems.org/
  specs:
    chronic (0.10.2)
    coderay (1.0.9)
    escape_utils (1.0.1)
    fakeweb (1.3.0)
    faraday (0.9.0)
      multipart-post (>= 1.2, < 3)
    ffi (1.9.3-java)
    highline (1.6.20)
    hpricot (0.8.6)
    hpricot (0.8.6-java)
    metaclass (0.0.1)
    method_source (0.8.2)
    minitest (4.7.5)
    mocha (0.14.0)
      metaclass (~> 0.0.1)
    multi_json (1.8.2)
    multipart-post (2.0.0)
    mustache (0.99.5)
    pry (0.9.12.2)
      coderay (~> 1.0.5)
      method_source (~> 0.8)
      slop (~> 3.4)
    pry (0.9.12.2-java)
      coderay (~> 1.0.5)
      method_source (~> 0.8)
      slop (~> 3.4)
      spoon (~> 0.0)
    rake (10.1.0)
    rdiscount (2.1.7)
    ronn (0.7.3)
      hpricot (>= 0.8.2)
      mustache (>= 0.7.0)
      rdiscount (>= 1.5.8)
    rubinius-coverage (2.0.3)
    rubygems-tasks (0.2.4)
    rubysl-abbrev (2.0.4)
    rubysl-coverage (2.0.3)
    rubysl-rexml (2.0.2)
    rubysl-singleton (2.0.0)
    simplecov (0.7.1)
      multi_json (~> 1.0)
      simplecov-html (~> 0.7.1)
    simplecov-html (0.7.1)
    slop (3.4.7)
    spoon (0.0.4)
      ffi
    trollop (2.0)
    yajl-ruby (1.1.0)
    yard (0.8.7.3)

PLATFORMS
  java
  ruby

DEPENDENCIES
  fakeweb
  hcl!
  minitest
  mocha
  pry
  rake
  ronn
  rubinius-coverage
  rubygems-tasks
  rubysl-abbrev
  rubysl-coverage
  rubysl-rexml
  rubysl-singleton
  simplecov
  yajl-ruby
  yard
